PATH
  remote: .
  specs:
    copypasta (0.1.0)
      cri-scaffold (~> 0.1)
      highline (~> 1.7)
      tilt (~> 2.0)

GEM
  remote: https://rubygems.org/
  specs:
    coderay (1.1.2)
    colored (1.2)
    cri (2.10.1)
      colored (~> 1.2)
    cri-scaffold (0.1.1)
      cri (~> 2.10)
    highline (1.7.10)
    method_source (0.9.0)
    pry (0.11.3)
      coderay (~> 1.1.0)
      method_source (~> 0.9.0)
    rake (10.5.0)
    tilt (2.0.8)

PLATFORMS
  ruby

DEPENDENCIES
  bundler (~> 1.16)
  copypasta!
  pry
  rake (~> 10.0)

BUNDLED WITH
   1.16.1
